GEM
  remote: http://rubygems.org/
  specs:
    atk (2.2.4)
      glib2 (= 2.2.4)
    binding_of_caller (0.7.2)
      debug_inspector (>= 0.0.1)
    cairo (1.14.1)
      pkg-config (>= 1.1.5)
    coderay (1.1.0)
    debug_inspector (0.0.2)
    diff-lcs (1.2.5)
    gdk_pixbuf2 (2.2.4)
      glib2 (= 2.2.4)
    glib2 (2.2.4)
      pkg-config
    green_shoes (1.1.374)
      gtk2
    gtk2 (2.2.4)
      atk (= 2.2.4)
      gdk_pixbuf2 (= 2.2.4)
      pango (= 2.2.4)
    httmultiparty (0.3.16)
      httparty (>= 0.7.3)
      mimemagic
      multipart-post
    httparty (0.13.3)
      json (~> 1.8)
      multi_xml (>= 0.5.2)
    interception (0.5)
    json (1.8.2)
    method_source (0.8.2)
    mimemagic (0.3.0)
    mini_portile (0.5.2)
    multi_xml (0.5.5)
    multipart-post (2.0.0)
    nokogiri (1.6.0)
      mini_portile (~> 0.5.0)
    pango (2.2.4)
      cairo (>= 1.14.0)
      glib2 (= 2.2.4)
    pkg-config (1.1.6)
    pry (0.10.1)
      coderay (~> 1.1.0)
      method_source (~> 0.8.1)
      slop (~> 3.4)
    pry-rescue (1.4.1)
      interception (>= 0.5)
      pry
    pry-stack_explorer (0.4.9.2)
      binding_of_caller (>= 0.7)
      pry (>= 0.9.11)
    rspec (3.1.0)
      rspec-core (~> 3.1.0)
      rspec-expectations (~> 3.1.0)
      rspec-mocks (~> 3.1.0)
    rspec-core (3.1.7)
      rspec-support (~> 3.1.0)
    rspec-expectations (3.1.2)
      diff-lcs (>= 1.2.0, < 2.0)
      rspec-support (~> 3.1.0)
    rspec-mocks (3.1.3)
      rspec-support (~> 3.1.0)
    rspec-support (3.1.2)
    slop (3.6.0)
    trollop (2.1.2)

PLATFORMS
  ruby

DEPENDENCIES
  green_shoes
  httmultiparty
  nokogiri
  pry
  pry-rescue
  pry-stack_explorer
  rspec
  trollop
