GEM
  remote: https://rubygems.org/
  specs:
    ocra (1.3.4)
    platypus (1.0.2)

PLATFORMS
  java
  ruby

DEPENDENCIES
  ocra
  platypus
